GEM
  remote: https://rubygems.org/
  specs:
    acme-client (2.0.6)
      faraday (>= 0.17, < 2.0.0)
    activemodel (4.2.11.1)
      activesupport (= 4.2.11.1)
      builder (~> 3.1)
    activesupport (4.2.11.1)
      i18n (~> 0.7)
      minitest (~> 5.1)
      thread_safe (~> 0.3, >= 0.3.4)
      tzinfo (~> 1.1)
    addressable (2.7.0)
      public_suffix (>= 2.0.2, < 5.0)
    authority (3.3.0)
      activesupport (>= 3.0.0)
    bcrypt (3.1.13)
    binding_of_caller (0.8.0)
      debug_inspector (>= 0.0.1)
    bson (4.8.2)
    builder (3.2.4)
    byebug (11.1.1)
    celluloid (0.17.4)
      celluloid-essentials
      celluloid-extras
      celluloid-fsm
      celluloid-pool
      celluloid-supervision
      timers (>= 4.1.1)
    celluloid-essentials (0.20.5)
      timers (>= 4.1.1)
    celluloid-extras (0.20.5)
      timers (>= 4.1.1)
    celluloid-fsm (0.20.5)
      timers (>= 4.1.1)
    celluloid-pool (0.20.5)
      timers (>= 4.1.1)
    celluloid-supervision (0.20.6)
      timers (>= 4.1.1)
    clamp (1.3.1)
    coderay (1.1.2)
    coercible (1.0.0)
      descendants_tracker (~> 0.0.1)
    concurrent-ruby (1.1.6)
    crack (0.4.3)
      safe_yaml (~> 1.0.0)
    debug_inspector (0.0.3)
    descendants_tracker (0.0.4)
      thread_safe (~> 0.3, >= 0.3.1)
    diff-lcs (1.3)
    docile (1.3.2)
    dotenv (2.7.5)
    equatable (0.5.0)
    eventmachine (1.2.7)
    excon (0.62.0)
    faraday (1.0.1)
      multipart-post (>= 1.2, < 3)
    faye-websocket (0.10.9)
      eventmachine (>= 0.12.0)
      websocket-driver (>= 0.5.1)
    ffi (1.12.2)
    hash_validator (0.8.0)
    hashdiff (1.0.1)
    hkdf (0.3.0)
    httpclient (2.8.3)
    i18n (0.9.5)
      concurrent-ruby (~> 1.0)
    interception (0.5)
    jbuilder (2.9.1)
      activesupport (>= 4.2.0)
    json-serializer (1.0.0)
    jsonpath (1.0.5)
      multi_json
      to_regexp (~> 0.2.1)
    kontena-websocket-client (0.1.1)
      websocket-driver (~> 0.6.5)
    krates (1.6.8)
      clamp (~> 1.2)
      excon (= 0.62.0)
      hash_validator (= 0.8.0)
      kontena-websocket-client (~> 0.1.1)
      liquid (~> 4.0)
      opto (= 1.8.7)
      retriable (~> 2.1)
      ruby_dig (~> 0.0.2)
      semantic (~> 1.5)
      tty-prompt (= 0.16.1)
      tty-table (~> 0.10.0)
    liquid (4.0.3)
    listen (3.2.1)
      rb-fsevent (~> 0.10, >= 0.10.3)
      rb-inotify (~> 0.9, >= 0.9.10)
    lru_redux (1.1.0)
    method_source (1.0.0)
    minitest (5.14.0)
    mongo (2.11.4)
      bson (>= 4.4.2, < 5.0.0)
    mongoid (5.4.1)
      activemodel (~> 4.0)
      mongo (>= 2.5.1, < 3.0.0)
      origin (~> 2.3)
      tzinfo (>= 0.3.37)
    mongoid-enum (0.4.0)
      mongoid (~> 5.0)
    mongoid-rspec (3.0.0)
      mongoid (~> 5.0)
      rake
      rspec (~> 3.3)
    msgpack (1.3.3)
    multi_json (1.14.1)
    multipart-post (2.1.1)
    mutations (0.9.0)
      activesupport
    necromancer (0.4.0)
    nio4r (2.5.2)
    optimist (3.0.0)
    opto (1.8.7)
    origin (2.3.1)
    pastel (0.7.2)
      equatable (~> 0.5.0)
      tty-color (~> 0.4.0)
    pry (0.13.0)
      coderay (~> 1.1)
      method_source (~> 1.0)
    pry-byebug (3.9.0)
      byebug (~> 11.0)
      pry (~> 0.13.0)
    pry-doc (1.1.0)
      pry (~> 0.11)
      yard (~> 0.9.11)
    pry-rescue (1.5.0)
      interception (>= 0.5)
      pry (>= 0.12.0)
    pry-stack_explorer (0.4.9.3)
      binding_of_caller (>= 0.7)
      pry (>= 0.9.11)
    public_suffix (4.0.4)
    puma (4.3.3)
      nio4r (~> 2.0)
    rack (2.0.9)
    rack-attack (6.2.2)
      rack (>= 1.0, < 3)
    rack-test (1.1.0)
      rack (>= 1.0, < 3)
    rake (13.0.1)
    random_token (1.1.1)
    rb-fsevent (0.10.3)
    rb-inotify (0.10.1)
      ffi (~> 1.0)
    rbtrace (0.4.12)
      ffi (>= 1.0.6)
      msgpack (>= 0.4.3)
      optimist (>= 3.0.0)
    rerun (0.13.0)
      listen (~> 3.0)
    retriable (2.1.0)
    roda (2.26.0)
      rack
    rollbar (2.24.0)
    rspec (3.3.0)
      rspec-core (~> 3.3.0)
      rspec-expectations (~> 3.3.0)
      rspec-mocks (~> 3.3.0)
    rspec-core (3.3.2)
      rspec-support (~> 3.3.0)
    rspec-expectations (3.3.1)
      diff-lcs (>= 1.2.0, < 2.0)
      rspec-support (~> 3.3.0)
    rspec-mocks (3.3.2)
      diff-lcs (>= 1.2.0, < 2.0)
      rspec-support (~> 3.3.0)
    rspec-support (3.3.0)
    ruby_dig (0.0.2)
    safe_yaml (1.0.5)
    semantic (1.6.1)
    simplecov (0.18.5)
      docile (~> 1.1)
      simplecov-html (~> 0.11)
    simplecov-html (0.12.2)
    strings (0.1.8)
      strings-ansi (~> 0.1)
      unicode-display_width (~> 1.5)
      unicode_utils (~> 1.4)
    strings-ansi (0.2.0)
    symmetric-encryption (3.9.1)
      coercible (~> 1.0)
    thread_safe (0.3.6)
    tilt (2.0.10)
    tilt-jbuilder (0.7.1)
      jbuilder
      tilt (>= 1.3.0, < 3)
    timers (4.3.0)
    to_regexp (0.2.1)
    tty-color (0.4.3)
    tty-cursor (0.5.0)
    tty-prompt (0.16.1)
      necromancer (~> 0.4.0)
      pastel (~> 0.7.0)
      timers (~> 4.0)
      tty-cursor (~> 0.5.0)
      tty-reader (~> 0.3.0)
    tty-reader (0.3.0)
      tty-cursor (~> 0.5.0)
      tty-screen (~> 0.6.4)
      wisper (~> 2.0.0)
    tty-screen (0.6.5)
    tty-table (0.10.0)
      equatable (~> 0.5.0)
      necromancer (~> 0.4.0)
      pastel (~> 0.7.2)
      strings (~> 0.1.0)
      tty-screen (~> 0.6.4)
    tzinfo (1.2.7)
      thread_safe (~> 0.1)
    unicode-display_width (1.7.0)
    unicode_utils (1.4.0)
    webmock (3.8.3)
      addressable (>= 2.3.6)
      crack (>= 0.3.2)
      hashdiff (>= 0.4.0, < 2.0.0)
    websocket-driver (0.6.5)
      websocket-extensions (>= 0.1.0)
    websocket-extensions (0.1.4)
    wisper (2.0.1)
    yard (0.9.24)

PLATFORMS
  ruby

DEPENDENCIES
  acme-client (~> 2.0)
  activesupport (~> 4.2)
  authority
  bcrypt
  celluloid (~> 0.17.3)
  dotenv
  faye-websocket (~> 0.10.7)
  hkdf (~> 0.3.0)
  httpclient (~> 2.3)
  json-serializer
  jsonpath
  kontena-websocket-client (~> 0.1.1)
  krates
  lru_redux (~> 1.1.0)
  mongoid (~> 5)
  mongoid-enum
  mongoid-rspec (~> 3.0.0)
  msgpack
  mutations
  pry
  pry-byebug
  pry-doc
  pry-rescue
  pry-stack_explorer
  puma
  rack (~> 2.0.0)
  rack-attack
  rack-test
  random_token
  rbtrace
  rerun
  roda (~> 2.26.0)
  rollbar
  rspec (~> 3.3.0)
  simplecov
  symmetric-encryption (~> 3.9.1)
  tilt-jbuilder
  webmock
  websocket-driver (~> 0.6.2)

BUNDLED WITH
   2.1.4
